GEM
  remote: https://rubygems.org/
  specs:
    byebug (11.0.1)
    colorize (0.8.1)

PLATFORMS
  ruby

DEPENDENCIES
  byebug
  colorize

BUNDLED WITH
   1.16.4
